GEM
  remote: https://rubygems.org/
  specs:
    haml (4.0.1)
      tilt
    pg (0.14.1)
    rack (1.5.2)
    rack-cache (1.2)
      rack (>= 0.4)
    rack-protection (1.5.0)
      rack
    rdiscount (2.0.7.1)
    sequel (3.45.0)
    sinatra (1.4.2)
      rack (~> 1.5, >= 1.5.2)
      rack-protection (~> 1.4)
      tilt (~> 1.3, >= 1.3.4)
    sinatra-sequel (0.9.0)
      sequel (>= 3.2.0)
      sinatra (>= 0.9.4)
    tilt (1.3.6)

PLATFORMS
  ruby

DEPENDENCIES
  haml
  pg
  rack
  rack-cache
  rdiscount
  sequel
  sinatra
  sinatra-sequel
